GEM
  remote: http://rubygems.org/
  specs:
    json (1.5.3)
    nokogiri (1.4.6)
    rake (0.9.2)
    rdoc (3.6.1)

PLATFORMS
  ruby

DEPENDENCIES
  json
  nokogiri
  rake
  rdoc
