PATH
  remote: .
  specs:
    w3c_validators (1.2)
      json
      nokogiri (~> 1.6)

GEM
  remote: https://rubygems.org/
  specs:
    addressable (2.4.0)
    crack (0.4.3)
      safe_yaml (~> 1.0.0)
    hashdiff (0.3.0)
    json (1.8.3)
    mini_portile2 (2.1.0)
    nokogiri (1.6.8.1)
      mini_portile2 (~> 2.1.0)
    power_assert (0.3.1)
    rake (11.3.0)
    rdoc (4.2.2)
      json (~> 1.4)
    safe_yaml (1.0.4)
    test-unit (3.2.1)
      power_assert
    vcr (3.0.3)
    webmock (2.1.0)
      addressable (>= 2.3.6)
      crack (>= 0.3.2)
      hashdiff

PLATFORMS
  ruby

DEPENDENCIES
  rake
  rdoc
  test-unit
  vcr
  w3c_validators!
  webmock

BUNDLED WITH
   1.13.6
